GEM
  remote: https://rubygems.org/
  specs:
    diff-lcs (1.5.0)
    rbs (2.8.4)
    rspec (3.12.0)
      rspec-core (~> 3.12.0)
      rspec-expectations (~> 3.12.0)
      rspec-mocks (~> 3.12.0)
    rspec-core (3.12.0)
      rspec-support (~> 3.12.0)
    rspec-expectations (3.12.2)
      diff-lcs (>= 1.2.0, < 2.0)
      rspec-support (~> 3.12.0)
    rspec-mocks (3.12.3)
      diff-lcs (>= 1.2.0, < 2.0)
      rspec-support (~> 3.12.0)
    rspec-support (3.12.0)

PLATFORMS
  x86_64-darwin-21
  x86_64-darwin-22

DEPENDENCIES
  rbs (~> 2.8, >= 2.8.4)
  rspec (~> 3.5)

RUBY VERSION
   ruby 3.1.3p185

BUNDLED WITH
   2.3.21
